GEM
  remote: https://rubygems.org/
  specs:
    image_size (2.0.0)
    md2review (1.12.0)
      redcarpet (> 2.0.0)
    rake (12.3.1)
    redcarpet (3.4.0)
    review (2.5.0)
      image_size
      rouge
      rubyzip
    rouge (3.2.1)
    rubyzip (1.2.2)

PLATFORMS
  ruby

DEPENDENCIES
  md2review
  rake
  review

BUNDLED WITH
   1.16.3
